GEM
  remote: https://rubygems.org/
  specs:
    algorithms (0.6.1)
    aws-sdk (2.2.7)
      aws-sdk-resources (= 2.2.7)
    aws-sdk-core (2.2.7)
      jmespath (~> 1.0)
    aws-sdk-resources (2.2.7)
      aws-sdk-core (= 2.2.7)
    coderay (1.1.0)
    hashdiff (0.2.3)
    jmespath (1.1.3)
    method_source (0.8.2)
    pry (0.10.3)
      coderay (~> 1.1.0)
      method_source (~> 0.8.1)
      slop (~> 3.4)
    rgl (0.5.1)
      algorithms (~> 0.6.1)
      stream (~> 0.5.0)
    slop (3.6.0)
    stream (0.5)

PLATFORMS
  ruby

DEPENDENCIES
  aws-sdk
  hashdiff
  pry
  rgl

BUNDLED WITH
   1.11.2
